GEM
  remote: https://rubygems.org/
  specs:
    bigdecimal (3.1.9)
    concurrent-ruby (1.3.5)
    diff-lcs (1.6.0)
    i18n (1.14.7)
      concurrent-ruby (~> 1.0)
    json (2.10.2)
    money (6.19.0)
      i18n (>= 0.6.4, <= 2)
    rspec (3.13.0)
      rspec-core (~> 3.13.0)
      rspec-expectations (~> 3.13.0)
      rspec-mocks (~> 3.13.0)
    rspec-core (3.13.3)
      rspec-support (~> 3.13.0)
    rspec-expectations (3.13.3)
      diff-lcs (>= 1.2.0, < 2.0)
      rspec-support (~> 3.13.0)
    rspec-mocks (3.13.2)
      diff-lcs (>= 1.2.0, < 2.0)
      rspec-support (~> 3.13.0)
    rspec-support (3.13.2)

PLATFORMS
  ruby
  x86_64-linux

DEPENDENCIES
  bigdecimal (~> 3.1)
  json (~> 2.10)
  money (~> 6.19)
  rspec

RUBY VERSION
   ruby 3.4.2p28

BUNDLED WITH
   2.6.5
